GEM
  remote: https://rubygems.org/
  specs:
    dotenv (0.9.0)
    mime-types (1.25)
    rest-client (1.6.7)
      mime-types (>= 1.16)
    string_score (1.1.0)

PLATFORMS
  ruby

DEPENDENCIES
  dotenv
  rest-client
  string_score
